GEM
  remote: http://rubygems.org/
  specs:
    haml (3.1.0.alpha.147)
    json (1.5.1)
    oauth (0.4.4)
    rack (1.2.2)
    sinatra (1.2.6)
      rack (~> 1.1)
      tilt (>= 1.2.2, < 2.0)
    tilt (1.3)

PLATFORMS
  ruby

DEPENDENCIES
  haml
  json
  oauth
  sinatra (~> 1.2.6)
